GEM
  remote: http://rubygems.org/
  specs:
    activerecord (1.6.0)
    activesupport (3.2.18)
      i18n (~> 0.6, >= 0.6.4)
      multi_json (~> 1.0)
    backports (3.6.4)
    coderay (1.1.0)
    cool.io (1.3.1)
    fluent-logger (0.5.0)
      msgpack (>= 0.4.4, < 0.6.0, != 0.5.3, != 0.5.2, != 0.5.1, != 0.5.0)
    fluentd (0.12.10)
      cool.io (>= 1.2.2, < 2.0.0)
      http_parser.rb (>= 0.5.1, < 0.7.0)
      json (>= 1.4.3)
      msgpack (>= 0.5.11, < 0.6.0)
      sigdump (~> 0.2.2)
      string-scrub (>= 0.0.3)
      tzinfo (>= 1.0.0)
      tzinfo-data (>= 1.0.0)
      yajl-ruby (~> 1.0)
    http_parser.rb (0.6.0)
    i18n (0.7.0)
    json (1.8.2)
    method_source (0.8.2)
    msgpack (0.5.12)
    multi_json (1.11.1)
    pry (0.10.1)
      coderay (~> 1.1.0)
      method_source (~> 0.8.1)
      slop (~> 3.4)
    rack (1.6.1)
    rack-protection (1.5.3)
      rack
    rack-test (0.6.3)
      rack (>= 1.0)
    redis (3.2.1)
    sigdump (0.2.3)
    sinatra (1.4.6)
      rack (~> 1.4)
      rack-protection (~> 1.4)
      tilt (>= 1.3, < 3)
    sinatra-activerecord (0.1.3)
      sinatra (>= 0.9.4)
    sinatra-contrib (1.4.4)
      backports (>= 2.0)
      multi_json
      rack-protection
      rack-test
      sinatra (~> 1.4.0)
      tilt (>= 1.3, < 3)
    slop (3.6.0)
    string-scrub (0.0.5)
    thread_safe (0.3.5)
    tilt (2.0.1)
    tzinfo (1.2.2)
      thread_safe (~> 0.1)
    tzinfo-data (1.2015.4)
      tzinfo (>= 1.0.0)
    uuidtools (2.1.5)
    yajl-ruby (1.2.1)

PLATFORMS
  ruby

DEPENDENCIES
  activerecord
  activesupport (= 3.2.18)
  fluent-logger
  fluentd
  pry
  redis
  sinatra
  sinatra-activerecord
  sinatra-contrib
  uuidtools
